GEM
  remote: https://rubygems.org/
  specs:
    bson (4.15.0)
    childprocess (4.1.0)
    mongo (2.17.1)
      bson (>= 4.8.2, < 5.0.0)
    rexml (3.2.5)
    rubyzip (2.3.2)
    selenium-webdriver (4.3.0)
      childprocess (>= 0.5, < 5.0)
      rexml (~> 3.2, >= 3.2.5)
      rubyzip (>= 1.2.2, < 3.0)
      websocket (~> 1.0)
    websocket (1.2.9)

PLATFORMS
  aarch64-linux
  x86_64-linux

DEPENDENCIES
  mongo (~> 2)
  selenium-webdriver

BUNDLED WITH
   2.3.7
